GEM
  remote: http://rubygems.org/
  specs:
    actionmailer (2.3.11)
      actionpack (= 2.3.11)
    actionpack (2.3.11)
      activesupport (= 2.3.11)
      rack (~> 1.1.0)
    activerecord (2.3.11)
      activesupport (= 2.3.11)
    activeresource (2.3.11)
      activesupport (= 2.3.11)
    activesupport (2.3.11)
    coderay (0.9.7)
    fastercsv (1.5.4)
    hoe (2.4.0)
      rake (>= 0.8.7)
      rubyforge (>= 2.0.3)
    holidays (1.0.0)
    i18n (0.4.2)
    icalendar (1.1.5)
    iconv (0.1)
    json_pure (1.5.1)
    mysql (2.8.1)
    net-ldap (0.1.1)
    prawn (0.8.4)
      prawn-core (>= 0.8.4, < 0.9)
      prawn-layout (>= 0.8.4, < 0.9)
      prawn-security (>= 0.8.4, < 0.9)
    prawn-core (0.8.4)
    prawn-layout (0.8.4)
    prawn-security (0.8.4)
    rack (1.1.0)
    rails (2.3.11)
      actionmailer (= 2.3.11)
      actionpack (= 2.3.11)
      activerecord (= 2.3.11)
      activeresource (= 2.3.11)
      activesupport (= 2.3.11)
      rake (>= 0.8.3)
    rake (0.8.7)
    rubyforge (2.0.4)
      json_pure (>= 1.1.7)
    rubytree (0.5.2)
      hoe (>= 1.3.0)

PLATFORMS
  ruby

DEPENDENCIES
  coderay (~> 0.9.7)
  fastercsv
  hoe (= 2.4.0)
  holidays
  i18n (= 0.4.2)
  icalendar
  iconv
  mysql
  net-ldap
  prawn
  rails (~> 2.3.8)
  rubytree (= 0.5.2)
